GEM
  remote: http://rubygems.org/
  specs:
    json (1.6.5)
    mysql2 (0.3.11)

PLATFORMS
  ruby

DEPENDENCIES
  json
  mysql2
